GIT
  remote: git://github.com/harai/kaminari.git
  revision: 384fcb5d11b66a0cc8fad030104bf80f82616355
  branch: route_prefix_prototype
  specs:
    kaminari (0.14.1)
      actionpack (>= 3.0.0)
      activesupport (>= 3.0.0)

GIT
  remote: git@git.library.nd.edu:assets
  revision: 8936c7542c01bd93a1c1adbcbc76c40b96bd1884
  branch: assets-work-around-post-renovation
  specs:
    hesburgh_assets (0.0.2)
      coffee-rails (>= 3.2.1)
      jquery-rails (>= 2.1.4)
      rails (>= 3.2.13)
      sass-rails (>= 3.2.3)
      twitter-bootstrap-rails
      uglifier (>= 1.0.3)

GEM
  remote: https://rubygems.org/
  specs:
    actionmailer (4.0.11)
      actionpack (= 4.0.11)
      mail (~> 2.5, >= 2.5.4)
    actionpack (4.0.11)
      activesupport (= 4.0.11)
      builder (~> 3.1.0)
      erubis (~> 2.7.0)
      rack (~> 1.5.2)
      rack-test (~> 0.6.2)
    activemodel (4.0.11)
      activesupport (= 4.0.11)
      builder (~> 3.1.0)
    activerecord (4.0.11)
      activemodel (= 4.0.11)
      activerecord-deprecated_finders (~> 1.0.2)
      activesupport (= 4.0.11)
      arel (~> 4.0.0)
    activerecord-deprecated_finders (1.0.4)
    activesupport (4.0.11)
      i18n (~> 0.6, >= 0.6.9)
      minitest (~> 4.2)
      multi_json (~> 1.3)
      thread_safe (~> 0.1)
      tzinfo (~> 0.3.37)
    airbrussh (1.3.0)
      sshkit (>= 1.6.1, != 1.7.0)
    arel (4.0.2)
    bcrypt (3.1.11)
    bcrypt-ruby (3.1.5)
      bcrypt (>= 3.1.3)
    better_errors (2.3.0)
      coderay (>= 1.0.0)
      erubi (>= 1.0.0)
      rack (>= 0.9.0)
    binding_of_caller (0.7.2)
      debug_inspector (>= 0.0.1)
    blacklight (4.5.0)
      bootstrap-sass (>= 2.2.0, < 2.4)
      kaminari (~> 0.13)
      marc (>= 0.4.3, < 1.1)
      nokogiri (~> 1.6)
      rails (>= 3.2.6, < 5)
      rsolr (~> 1.0.6)
      sass-rails
    bootstrap-sass (2.3.2.2)
      sass (~> 3.2)
    builder (3.1.4)
    byebug (8.2.5)
    cancan (1.6.10)
    capistrano (3.9.1)
      airbrussh (>= 1.0.0)
      i18n
      rake (>= 10.0.0)
      sshkit (>= 1.9.0)
    capistrano-bundler (1.1.4)
      capistrano (~> 3.1)
      sshkit (~> 1.2)
    capistrano-rails (1.3.0)
      capistrano (~> 3.1)
      capistrano-bundler (~> 1.1)
    childprocess (0.7.1)
      ffi (~> 1.0, >= 1.0.11)
    coderay (1.1.2)
    coffee-rails (4.0.1)
      coffee-script (>= 2.2.0)
      railties (>= 4.0.0, < 5.0)
    coffee-script (2.4.1)
      coffee-script-source
      execjs
    coffee-script-source (1.12.2)
    commonjs (0.2.7)
    database_cleaner (1.0.1)
    debug_inspector (0.0.3)
    devise (3.0.4)
      bcrypt-ruby (~> 3.0)
      orm_adapter (~> 0.1)
      railties (>= 3.2.6, < 5)
      warden (~> 1.2.3)
    devise_cas_authenticatable (1.3.8)
      devise (>= 1.2.0)
      rubycas-client (>= 2.2.1)
    diff-lcs (1.3)
    erubi (1.6.1)
    erubis (2.7.0)
    execjs (2.7.0)
    fastercsv (1.5.5)
    ffi (1.9.18)
    formtastic (3.0.0)
      actionpack (>= 3.2.13)
    hike (1.2.3)
    i18n (0.8.6)
    jbuilder (2.6.4)
      activesupport (>= 3.0.0)
      multi_json (>= 1.2)
    jettywrapper (2.0.4)
      activesupport (>= 3.0.0)
      childprocess
      i18n
      logger
      rubyzip (~> 1.0)
    jquery-rails (3.1.4)
      railties (>= 3.0, < 5.0)
      thor (>= 0.14, < 2.0)
    json (1.8.6)
    less (2.6.0)
      commonjs (~> 0.2.7)
    less-rails (2.8.0)
      actionpack (>= 4.0)
      less (~> 2.6.0)
      sprockets (> 2, < 4)
      tilt
    logger (1.2.8)
    mail (2.6.6)
      mime-types (>= 1.16, < 4)
    marc (1.0.2)
      scrub_rb (>= 1.0.1, < 2)
      unf
    mime-types (3.1)
      mime-types-data (~> 3.2015)
    mime-types-data (3.2016.0521)
    mini_portile2 (2.1.0)
    minitest (4.7.5)
    multi_json (1.12.2)
    mysql2 (0.3.16)
    net-ldap (0.1.1)
    net-scp (1.2.1)
      net-ssh (>= 2.6.5)
    net-ssh (4.2.0)
    nokogiri (1.6.8.1)
      mini_portile2 (~> 2.1.0)
    orm_adapter (0.5.0)
    protected_attributes (1.1.4)
      activemodel (>= 4.0.1, < 5.0)
    rack (1.5.5)
    rack-test (0.6.3)
      rack (>= 1.0)
    rails (4.0.11)
      actionmailer (= 4.0.11)
      actionpack (= 4.0.11)
      activerecord (= 4.0.11)
      activesupport (= 4.0.11)
      bundler (>= 1.3.0, < 2.0)
      railties (= 4.0.11)
      sprockets-rails (~> 2.0)
    railties (4.0.11)
      actionpack (= 4.0.11)
      activesupport (= 4.0.11)
      rake (>= 0.8.7)
      thor (>= 0.18.1, < 2.0)
    rake (11.2.2)
    rb-readline (0.5.5)
    rdoc (4.3.0)
    rsolr (1.0.13)
      builder (>= 2.1.2)
    rspec-core (3.0.4)
      rspec-support (~> 3.0.0)
    rspec-expectations (3.0.4)
      diff-lcs (>= 1.2.0, < 2.0)
      rspec-support (~> 3.0.0)
    rspec-mocks (3.0.4)
      rspec-support (~> 3.0.0)
    rspec-rails (3.0.2)
      actionpack (>= 3.0)
      activesupport (>= 3.0)
      railties (>= 3.0)
      rspec-core (~> 3.0.0)
      rspec-expectations (~> 3.0.0)
      rspec-mocks (~> 3.0.0)
      rspec-support (~> 3.0.0)
    rspec-support (3.0.4)
    rubycas-client (2.3.9)
      activesupport
    rubyzip (1.2.1)
    sass (3.2.19)
    sass-rails (4.0.5)
      railties (>= 4.0.0, < 5.0)
      sass (~> 3.2.2)
      sprockets (~> 2.8, < 3.0)
      sprockets-rails (~> 2.0)
    scrub_rb (1.0.1)
    sdoc (0.4.2)
      json (~> 1.7, >= 1.7.7)
      rdoc (~> 4.0)
    sprockets (2.12.4)
      hike (~> 1.2)
      multi_json (~> 1.0)
      rack (~> 1.0)
      tilt (~> 1.1, != 1.3.0)
    sprockets-rails (2.3.3)
      actionpack (>= 3.0)
      activesupport (>= 3.0)
      sprockets (>= 2.8, < 4.0)
    sshkit (1.14.0)
      net-scp (>= 1.1.2)
      net-ssh (>= 2.8.0)
    thor (0.20.0)
    thread_safe (0.3.6)
    tilt (1.4.1)
    turbolinks (5.0.1)
      turbolinks-source (~> 5)
    turbolinks-source (5.0.3)
    twitter-bootstrap-rails (3.2.2)
      actionpack (>= 3.1)
      execjs (>= 2.2.2, >= 2.2)
      less-rails (>= 2.5.0)
      railties (>= 3.1)
    tzinfo (0.3.53)
    uglifier (3.2.0)
      execjs (>= 0.3.0, < 3)
    unf (0.1.4)
      unf_ext
    unf_ext (0.0.7.4)
    unicode (0.4.4.4)
    warden (1.2.7)
      rack (>= 1.0)

PLATFORMS
  ruby

DEPENDENCIES
  better_errors
  binding_of_caller
  blacklight (~> 4.5.0)
  bootstrap-sass
  byebug (~> 8)
  cancan (~> 1.6.10)
  capistrano (~> 3.1)
  capistrano-bundler (~> 1.1.2)
  capistrano-rails
  coffee-rails (~> 4.0.0)
  database_cleaner (< 1.1.0)
  devise (~> 3.0.3)
  devise_cas_authenticatable (~> 1.3.2)
  fastercsv
  formtastic (= 3.0)
  hesburgh_assets!
  jbuilder (~> 2.0)
  jettywrapper
  jquery-rails
  kaminari!
  mysql2 (= 0.3.16)
  net-ldap (~> 0.1.1)
  nokogiri (~> 1.6.0)
  protected_attributes
  rails (= 4.0.11)
  rake (= 11.2.2)
  rb-readline
  rspec-rails (~> 3.0.0)
  sass-rails (~> 4.0.3)
  sdoc (~> 0.4.0)
  turbolinks
  uglifier (>= 1.3.0)
  unicode

BUNDLED WITH
   1.15.4
